PATH
  remote: .
  specs:
    omniauth-xing (0.1.7)
      multi_json (~> 1.12)
      omniauth-oauth (~> 1.1)

GEM
  remote: https://rubygems.org/
  specs:
    hashie (3.5.5)
    minitest (5.10.1)
    multi_json (1.12.1)
    oauth (0.5.1)
    omniauth (1.6.1)
      hashie (>= 3.4.6, < 3.6.0)
      rack (>= 1.6.2, < 3)
    omniauth-oauth (1.1.0)
      oauth
      omniauth (~> 1.0)
    rack (2.0.1)
    rake (12.0.0)

PLATFORMS
  ruby

DEPENDENCIES
  bundler (~> 1.3)
  minitest (~> 5.0)
  omniauth-xing!
  rake (~> 12.0)

BUNDLED WITH
   1.13.7
